GEM
  remote: https://rubygems.org/
  specs:
    activemodel (3.2.14)
      activesupport (= 3.2.14)
      builder (~> 3.0.0)
    activerecord (3.2.14)
      activemodel (= 3.2.14)
      activesupport (= 3.2.14)
      arel (~> 3.0.2)
      tzinfo (~> 0.3.29)
    activesupport (3.2.14)
      i18n (~> 0.6, >= 0.6.4)
      multi_json (~> 1.0)
    arel (3.0.2)
    aws-sdk (1.11.1)
      json (~> 1.4)
      nokogiri (>= 1.4.4)
      uuidtools (~> 2.1)
    builder (3.0.4)
    httparty (0.11.0)
      multi_json (~> 1.0)
      multi_xml (>= 0.5.2)
    i18n (0.6.5)
    json (1.8.0)
    mini_portile (0.5.1)
    multi_json (1.7.9)
    multi_xml (0.5.5)
    nokogiri (1.6.0)
      mini_portile (~> 0.5.0)
    parallel (0.7.1)
    sqlite3 (1.3.8)
    tzinfo (0.3.37)
    uuidtools (2.1.4)

PLATFORMS
  ruby

DEPENDENCIES
  activerecord
  aws-sdk
  httparty
  nokogiri
  parallel
  sqlite3
